PATH
  remote: .
  specs:
    pwkeep (0.0.4)
      bundler
      colorize
      hashr
      highline
      keepass-password-generator
      lockfile
      optimist
      yard

GEM
  remote: http://rubygems.org/
  specs:
    colorize (0.8.1)
    hashr (2.0.1)
    highline (2.0.3)
    keepass-password-generator (0.1.1)
    lockfile (2.1.3)
    optimist (3.0.1)
    rake (13.0.1)
    yard (0.9.25)

PLATFORMS
  ruby

DEPENDENCIES
  pwkeep!
  rake

BUNDLED WITH
   2.1.4
