PATH
  remote: .
  specs:
    pwkeep (0.0.1)
      bundler
      colorize
      hashr
      highline
      lockfile
      ruco
      trollop

GEM
  remote: http://rubygems.org/
  specs:
    clipboard (1.0.5)
    colorize (0.6.0)
    dispel (0.0.3)
    hashr (0.0.22)
    highline (1.6.20)
    language_sniffer (1.0.2)
    lockfile (2.1.0)
    plist (3.1.0)
    rake (10.1.1)
    ruco (0.2.19)
      clipboard (>= 0.9.8)
      dispel
      language_sniffer
      textpow (>= 1.3.0)
    textpow (1.3.1)
      plist (>= 3.0.1)
    trollop (2.0)

PLATFORMS
  ruby

DEPENDENCIES
  pwkeep!
  rake
