PATH
  remote: .
  specs:
    pwkeep (0.0.3)
      bundler
      colorize
      hashr
      highline
      keepass-password-generator
      lockfile
      trollop
      yard

GEM
  remote: http://rubygems.org/
  specs:
    colorize (0.6.0)
    hashr (0.0.22)
    highline (1.6.20)
    keepass-password-generator (0.1.1)
    lockfile (2.1.0)
    rake (10.1.1)
    trollop (2.0)
    yard (0.8.6.2)

PLATFORMS
  ruby

DEPENDENCIES
  pwkeep!
  rake
