PATH
  remote: .
  specs:
    pwkeep (0.0.1)
      bundler
      colored
      highline
      ruby-gpgme

GEM
  remote: http://rubygems.org/
  specs:
    colored (1.2)
    highline (1.6.20)
    rake (10.1.1)
    ruby-gpgme (1.0.7)

PLATFORMS
  ruby

DEPENDENCIES
  pwkeep!
  rake
